GEM
  remote: http://rubygems.org/
  specs:
    activesupport (3.2.8)
      i18n (~> 0.6)
      multi_json (~> 1.0)
    addressable (2.3.2)
    childprocess (0.3.5)
      ffi (~> 1.0, >= 1.0.6)
    commander (4.1.2)
      highline (~> 1.6.11)
    expectations (2.0.0)
      mocha (>= 0.5.5)
    faraday (0.8.4)
      multipart-post (~> 1.1)
    ffi (1.1.5)
    github_api (0.7.1)
      faraday (~> 0.8.1)
      hashie (~> 1.2.0)
      multi_json (~> 1.3)
      nokogiri (~> 1.5.2)
      oauth2
    hashie (1.2.0)
    highline (1.6.15)
    httpauth (0.2.0)
    i18n (0.6.1)
    jwt (0.1.5)
      multi_json (>= 1.0)
    kramdown (0.14.0)
    libwebsocket (0.1.5)
      addressable
    metaclass (0.0.1)
    mocha (0.12.7)
      metaclass (~> 0.0.1)
    multi_json (1.3.6)
    multipart-post (1.1.5)
    nokogiri (1.5.5)
    oauth2 (0.8.0)
      faraday (~> 0.8)
      httpauth (~> 0.1)
      jwt (~> 0.1.4)
      multi_json (~> 1.0)
      rack (~> 1.2)
    open4 (1.3.0)
    pdfkit (0.5.2)
    rack (1.4.1)
    rubyzip (0.9.9)
    sass (3.2.1)
    selenium-webdriver (2.25.0)
      childprocess (>= 0.2.5)
      libwebsocket (~> 0.1.3)
      multi_json (~> 1.0)
      rubyzip
    shell-executer (1.0.1)
      expectations
      open4
    stamp (0.2.0)
    wicked_pdf (0.7.9)

PLATFORMS
  ruby

DEPENDENCIES
  activesupport
  commander
  github_api
  kramdown
  pdfkit
  sass
  selenium-webdriver
  shell-executer
  stamp
  wicked_pdf
